GEM
  remote: https://rubygems.org/
  specs:
    json (1.8.1)
    kgio (2.9.2)
    mysql2 (0.3.17)
    rack (1.5.2)
    rack-protection (1.5.3)
      rack
    raindrops (0.13.0)
    sinatra (1.4.5)
      rack (~> 1.4)
      rack-protection (~> 1.4)
      tilt (~> 1.3, >= 1.3.4)
    tilt (1.4.1)
    unicorn (4.8.3)
      kgio (~> 2.6)
      rack
      raindrops (~> 0.7)

PLATFORMS
  ruby

DEPENDENCIES
  json (~> 1.8.1)
  mysql2
  sinatra (~> 1.4.5)
  unicorn (~> 4.8.3)
